GEM
  remote: https://rubygems.org/
  specs:
    plist (3.1.0)
    rack (1.4.1)
    rack-protection (1.2.0)
      rack
    redis (3.0.2)
    rubyzip (0.9.9)
    sinatra (1.3.3)
      rack (~> 1.3, >= 1.3.6)
      rack-protection (~> 1.2)
      tilt (~> 1.3, >= 1.3.3)
    tilt (1.3.3)

PLATFORMS
  ruby

DEPENDENCIES
  plist
  redis
  rubyzip
  sinatra
